GEM
  remote: https://rubygems.org/
  specs:
    ffi (1.15.5)
    listen (3.7.1)
      rb-fsevent (~> 0.10, >= 0.10.3)
      rb-inotify (~> 0.9, >= 0.9.10)
    nio4r (2.5.8)
    puma (5.6.2)
      nio4r (~> 2.0)
    rack (2.2.3)
    rb-fsevent (0.11.1)
    rb-inotify (0.10.1)
      ffi (~> 1.0)
    roda (3.54.0)
      rack
    zeitwerk (2.5.4)

PLATFORMS
  x86_64-linux

DEPENDENCIES
  listen
  puma
  roda
  zeitwerk

RUBY VERSION
   ruby 3.1.0p0

BUNDLED WITH
   2.3.6
